PATH
  remote: .
  specs:
    actioncable (0.1.0)
      actionpack (>= 4.2.0)
      activesupport (>= 4.2.0)
      celluloid (~> 0.16.0)
      em-hiredis (~> 0.3.0)
      faye-websocket (~> 0.9.2)
      redis (~> 3.0)
      websocket-driver (= 0.5.4)

GEM
  remote: https://rubygems.org/
  specs:
    actionpack (4.2.11.3)
      actionview (= 4.2.11.3)
      activesupport (= 4.2.11.3)
      rack (~> 1.6)
      rack-test (~> 0.6.2)
      rails-dom-testing (~> 1.0, >= 1.0.5)
      rails-html-sanitizer (~> 1.0, >= 1.0.2)
    actionview (4.2.11.3)
      activesupport (= 4.2.11.3)
      builder (~> 3.1)
      erubis (~> 2.7.0)
      rails-dom-testing (~> 1.0, >= 1.0.5)
      rails-html-sanitizer (~> 1.0, >= 1.0.3)
    activesupport (4.2.11.3)
      i18n (~> 0.7)
      minitest (~> 5.1)
      thread_safe (~> 0.3, >= 0.3.4)
      tzinfo (~> 1.1)
    builder (3.2.4)
    celluloid (0.16.0)
      timers (~> 4.0.0)
    concurrent-ruby (1.2.3)
    crass (1.0.6)
    em-hiredis (0.3.0)
      eventmachine (~> 1.0)
      hiredis (~> 0.5.0)
    erubis (2.7.0)
    eventmachine (1.0.7)
    faye-websocket (0.9.2)
      eventmachine (>= 0.12.0)
      websocket-driver (>= 0.5.1)
    hiredis (0.5.2)
    hitimes (1.2.2)
    i18n (0.9.5)
      concurrent-ruby (~> 1.0)
    loofah (2.22.0)
      crass (~> 1.0.2)
      nokogiri (>= 1.12.0)
    metaclass (0.0.4)
    mini_portile2 (2.8.5)
    minitest (5.22.3)
    mocha (1.1.0)
      metaclass (~> 0.0.1)
    nokogiri (1.16.3)
      mini_portile2 (~> 2.8.2)
      racc (~> 1.4)
    puma (2.10.2)
      rack (>= 1.1, < 2.0)
    racc (1.7.3)
    rack (1.6.13)
    rack-test (0.6.3)
      rack (>= 1.0)
    rails-deprecated_sanitizer (1.0.4)
      activesupport (>= 4.2.0.alpha)
    rails-dom-testing (1.0.9)
      activesupport (>= 4.2.0, < 5.0)
      nokogiri (~> 1.6)
      rails-deprecated_sanitizer (>= 1.0.1)
    rails-html-sanitizer (1.6.0)
      loofah (~> 2.21)
      nokogiri (~> 1.14)
    rake (10.4.2)
    redis (3.2.1)
    thread_safe (0.3.6)
    timers (4.0.1)
      hitimes
    tzinfo (1.2.11)
      thread_safe (~> 0.1)
    websocket-driver (0.5.4)
      websocket-extensions (>= 0.1.0)
    websocket-extensions (0.1.2)

PLATFORMS
  ruby

DEPENDENCIES
  actioncable!
  mocha
  puma
  rake

BUNDLED WITH
   1.10.5
